PATH
  remote: .
  specs:
    teasier (0.2.8)
      chromedriver-helper
      page-object
      watir (~> 6.16.0)
      webdriver-user-agent

GEM
  remote: https://rubygems.org/
  specs:
    archive-zip (0.11.0)
      io-like (~> 0.3.0)
    childprocess (0.9.0)
      ffi (~> 1.0, >= 1.0.11)
    chromedriver-helper (2.1.0)
      archive-zip (~> 0.10)
      nokogiri (~> 1.8)
    concurrent-ruby (1.1.4)
    data_magic (1.2)
      faker (>= 1.1.2)
      yml_reader (>= 0.6)
    facets (3.1.0)
    faker (1.9.1)
      i18n (>= 0.7)
    ffi (1.10.0)
    i18n (1.5.2)
      concurrent-ruby (~> 1.0)
    io-like (0.3.0)
    json (2.1.0)
    mini_portile2 (2.4.0)
    nokogiri (1.10.1)
      mini_portile2 (~> 2.4.0)
    os (1.0.0)
    page-object (2.2.5)
      page_navigation (>= 0.10)
      selenium-webdriver (~> 3.0)
      watir (~> 6.8)
    page_navigation (0.10)
      data_magic (>= 0.22)
    psych (3.1.0)
    rake (10.5.0)
    regexp_parser (1.3.0)
    rubyzip (1.2.2)
    selenium-webdriver (3.141.0)
      childprocess (~> 0.5)
      rubyzip (~> 1.2, >= 1.2.2)
    watir (6.16.5)
      regexp_parser (~> 1.2)
      selenium-webdriver (~> 3.6)
    webdriver-user-agent (7.5)
      facets
      json
      os
      psych
      selenium-webdriver (>= 3.4.0)
    yml_reader (0.7)

PLATFORMS
  ruby

DEPENDENCIES
  bundler (~> 1.16)
  rake (~> 10.0)
  teasier!

BUNDLED WITH
   1.16.2
